GEM
  remote: http://rubygems.org/
  specs:
    addressable (2.3.3)
    crack (0.3.2)
    faraday (0.8.6)
      multipart-post (~> 1.1)
    faraday_middleware (0.9.0)
      faraday (>= 0.7.4, < 0.9)
    hashie (1.2.0)
    mime-types (1.21)
    multi_json (1.6.1)
    multipart-post (1.2.0)
    netrc (0.7.7)
    octokit (1.23.0)
      addressable (~> 2.2)
      faraday (~> 0.8)
      faraday_middleware (~> 0.9)
      hashie (~> 1.2)
      multi_json (~> 1.3)
      netrc (~> 0.7.7)
    parka (0.8.0)
      crack (~> 0.3.0)
      psych (~> 1.2.1)
      rest-client (~> 1.6.7)
      thor (~> 0.14.6)
    psych (1.2.2)
    rest-client (1.6.7)
      mime-types (>= 1.16)
    thor (0.14.6)

PLATFORMS
  ruby

DEPENDENCIES
  octokit
  parka
